PATH
  remote: .
  specs:
    magic_frozen_string_literal (1.0.2)

GEM
  remote: https://rubygems.org/
  specs:
    rake (10.4.2)
    rspec-core (3.8.0)
      rspec-support (~> 3.8.0)
    rspec-support (3.8.0)

PLATFORMS
  ruby

DEPENDENCIES
  bundler (~> 1.7)
  magic_frozen_string_literal!
  rake (~> 10.0)
  rspec-core (~> 3.8)

BUNDLED WITH
   1.17.2
