PATH
  remote: .
  specs:
    magic_frozen_string_literal (1.0.0)

GEM
  remote: https://rubygems.org/
  specs:
    rake (10.4.2)

PLATFORMS
  ruby

DEPENDENCIES
  bundler (~> 1.7)
  magic_frozen_string_literal!
  rake (~> 10.0)

BUNDLED WITH
   1.15.1
